GEM
  remote: https://rubygems.org/
  specs:
    addressable (2.8.6)
      public_suffix (>= 2.0.2, < 6.0)
    colorator (1.1.0)
    concurrent-ruby (1.2.2)
    em-websocket (0.5.3)
      eventmachine (>= 0.12.9)
      http_parser.rb (~> 0)
    eventmachine (1.2.7)
    ffi (1.16.3)
    forwardable-extended (2.6.0)
    google-protobuf (3.25.1)
    http_parser.rb (0.8.0)
    i18n (1.14.1)
      concurrent-ruby (~> 1.0)
    jekyll (4.3.2)
      addressable (~> 2.4)
      colorator (~> 1.0)
      em-websocket (~> 0.5)
      i18n (~> 1.0)
      jekyll-sass-converter (>= 2.0, < 4.0)
      jekyll-watch (~> 2.0)
      kramdown (~> 2.3, >= 2.3.1)
      kramdown-parser-gfm (~> 1.0)
      liquid (~> 4.0)
      mercenary (>= 0.3.6, < 0.5)
      pathutil (~> 0.9)
      rouge (>= 3.0, < 5.0)
      safe_yaml (~> 1.0)
      terminal-table (>= 1.8, < 4.0)
      webrick (~> 1.7)
    jekyll-feed (0.17.0)
      jekyll (>= 3.7, < 5.0)
    jekyll-last-modified-at (1.3.0)
      jekyll (>= 3.7, < 5.0)
      posix-spawn (~> 0.3.9)
    jekyll-sass-converter (3.0.0)
      sass-embedded (~> 1.54)
    jekyll-sitemap (1.4.0)
      jekyll (>= 3.7, < 5.0)
    jekyll-watch (2.2.1)
      listen (~> 3.0)
    kramdown (2.4.0)
      rexml
    kramdown-parser-gfm (1.1.0)
      kramdown (~> 2.0)
    liquid (4.0.4)
    listen (3.8.0)
      rb-fsevent (~> 0.10, >= 0.10.3)
      rb-inotify (~> 0.9, >= 0.9.10)
    mercenary (0.4.0)
    pathutil (0.16.2)
      forwardable-extended (~> 2.6)
    posix-spawn (0.3.15)
    public_suffix (5.0.4)
    rb-fsevent (0.11.2)
    rb-inotify (0.10.1)
      ffi (~> 1.0)
    rexml (3.2.6)
    rouge (4.2.0)
    safe_yaml (1.0.5)
    sass-embedded (1.69.5-x86_64-linux-gnu)
      google-protobuf (~> 3.23)
    terminal-table (3.0.2)
      unicode-display_width (>= 1.1.1, < 3)
    unicode-display_width (2.5.0)
    webrick (1.8.1)

PLATFORMS
  x86_64-linux

DEPENDENCIES
  jekyll
  jekyll-feed
  jekyll-last-modified-at
  jekyll-sitemap

CHECKSUMS
  addressable (2.8.6) sha256=798f6af3556641a7619bad1dce04cdb6eb44b0216a991b0396ea7339276f2b47
  colorator (1.1.0) sha256=e2f85daf57af47d740db2a32191d1bdfb0f6503a0dfbc8327d0c9154d5ddfc38
  concurrent-ruby (1.2.2) sha256=3879119b8b75e3b62616acc256c64a134d0b0a7a9a3fcba5a233025bcde22c4f
  em-websocket (0.5.3) sha256=f56a92bde4e6cb879256d58ee31f124181f68f8887bd14d53d5d9a292758c6a8
  eventmachine (1.2.7) sha256=994016e42aa041477ba9cff45cbe50de2047f25dd418eba003e84f0d16560972
  ffi (1.16.3) sha256=6d3242ff10c87271b0675c58d68d3f10148fabc2ad6da52a18123f06078871fb
  forwardable-extended (2.6.0) sha256=1bec948c469bbddfadeb3bd90eb8c85f6e627a412a3e852acfd7eaedbac3ec97
  google-protobuf (3.25.1) sha256=e740e099193f8dc4db638326e23868d6c799dbd5ae2fd7565e78d1530cc6d1a3
  http_parser.rb (0.8.0) sha256=5a0932f1fa82ce08a8516a2685d5a86031c000560f89946913c555a0697544be
  i18n (1.14.1) sha256=9d03698903547c060928e70a9bc8b6b87fda674453cda918fc7ab80235ae4a61
  jekyll (4.3.2) sha256=5d336d3e9eeaed7e69cf8b938da02bb72ae3afb226208df514036d69654f7771
  jekyll-feed (0.17.0) sha256=689aab16c877949bb9e7a5c436de6278318a51ecb974792232fd94d8b3acfcc3
  jekyll-last-modified-at (1.3.0) sha256=39c71deb07a82216f1d6ca055272ceb88f69bcf7bf7578292cbc7c3187009f73
  jekyll-sass-converter (3.0.0) sha256=e2e7674f186e906b9d99b8066e13f9b4d5cb9f806d36f7bc8cf2610053d8c902
  jekyll-sitemap (1.4.0) sha256=0de08c5debc185ea5a8f980e1025c7cd3f8e0c35c8b6ef592f15c46235cf4218
  jekyll-watch (2.2.1) sha256=bc44ed43f5e0a552836245a54dbff3ea7421ecc2856707e8a1ee203a8387a7e1
  kramdown (2.4.0) sha256=b62e5bcbd6ea20c7a6730ebbb2a107237856e14f29cebf5b10c876cc1a2481c5
  kramdown-parser-gfm (1.1.0) sha256=fb39745516427d2988543bf01fc4cf0ab1149476382393e0e9c48592f6581729
  liquid (4.0.4) sha256=4fcfebb1a045e47918388dbb7a0925e7c3893e58d2bd6c3b3c73ec17a2d8fdb3
  listen (3.8.0) sha256=9679040ac6e7845ad9f19cf59ecde60861c78e2fae57a5c20fe35e94959b2f8f
  mercenary (0.4.0) sha256=b25a1e4a59adca88665e08e24acf0af30da5b5d859f7d8f38fba52c28f405138
  pathutil (0.16.2) sha256=e43b74365631cab4f6d5e4228f812927efc9cb2c71e62976edcb252ee948d589
  posix-spawn (0.3.15) sha256=a2e0109bf9b9e041e74359aba9d6e9e92c1122cbdb15f6e9779d61aab606ab32
  public_suffix (5.0.4) sha256=35cd648e0d21d06b8dce9331d19619538d1d898ba6d56a6f2258409d2526d1ae
  rb-fsevent (0.11.2) sha256=43900b972e7301d6570f64b850a5aa67833ee7d87b458ee92805d56b7318aefe
  rb-inotify (0.10.1) sha256=050062d4f31d307cca52c3f6a7f4b946df8de25fc4bd373e1a5142e41034a7ca
  rexml (3.2.6) sha256=e0669a2d4e9f109951cb1fde723d8acd285425d81594a2ea929304af50282816
  rouge (4.2.0) sha256=60dd666b3a223467dc72f5b7384764dfd7ad4e50b0df9eff072be58123506eba
  safe_yaml (1.0.5) sha256=a6ac2d64b7eb027bdeeca1851fe7e7af0d668e133e8a88066a0c6f7087d9f848
  sass-embedded (1.69.5-x86_64-linux-gnu) sha256=84dabb59d7d2fad8a0a5298e983e95741149a84f6a5497cb4097c6b5d0d2acbf
  terminal-table (3.0.2) sha256=f951b6af5f3e00203fb290a669e0a85c5dd5b051b3b023392ccfd67ba5abae91
  unicode-display_width (2.5.0) sha256=7e7681dcade1add70cb9fda20dd77f300b8587c81ebbd165d14fd93144ff0ab4
  webrick (1.8.1) sha256=19411ec6912911fd3df13559110127ea2badd0c035f7762873f58afc803e158f

BUNDLED WITH
   2.5.1
